{
    "Modality": "MR",
    "MagneticFieldStrength": 7,
    "ImagingFrequency": 297.231394,
    "Manufacturer": "Siemens",
    "ManufacturersModelName": "Investigational_Device_7T",
    "InstitutionName": "Hospital",
    "InstitutionalDepartmentName": "Department",
    "InstitutionAddress": "Street StreetNo,City,District,CN,ZIP",
    "DeviceSerialNumber": "79115",
    "StationName": "AWP79115",
    "BodyPartExamined": "BRAIN",
    "PatientPosition": "HFS",
    "ProcedureStepDescription": "9th_Hospital^SONBOT",
    "SoftwareVersions": "syngo MR E12",
    "MRAcquisitionType": "2D",
    "SeriesDescription": "task_BOLD_MB_PA_Auto",
    "ProtocolName": "task_BOLD_MB_PA_Auto",
    "ScanningSequence": "EP",
    "SequenceVariant": "SK\\SS",
    "ScanOptions": "PFP\\FS",
    "SequenceName": "epfid2d1_130",
    "ImageType": [
        "ORIGINAL",
        "PRIMARY",
        "M",
        "MB",
        "ND",
        "NORM",
        "MOSAIC"
    ],
    "NonlinearGradientCorrection": false,
    "SeriesNumber": 18,
    "AcquisitionTime": "14:43:35.030000",
    "AcquisitionNumber": 1,
    "ImageComments": "Unaliased MB5/PE4",
    "SliceThickness": 1.6,
    "SpacingBetweenSlices": 1.6,
    "SAR": 0.113452,
    "EchoTime": 0.0222,
    "RepetitionTime": 1,
    "FlipAngle": 45,
    "PartialFourier": 0.875,
    "BaseResolution": 130,
    "ShimSetting": [
        582,
        -3617,
        623,
        469,
        -4,
        -492,
        402,
        12
    ],
    "TxRefAmp": 248.24,
    "PhaseResolution": 1,
    "ReceiveCoilName": "1Tx32Rx_Head",
    "ReceiveCoilActiveElements": "A32",
    "PulseSequenceDetails": "%CustomerSeq%\\cmrr_mbep2d_bold",
    "WipMemBlock": "5fe6d449-53e4-48fe-bf80-298b4c5a3562||Sequence: R016 ve12u/SP01_R016a r/af3652dd; Apr  1 2021 14:05:17 by eja",
    "RefLinesPE": 24,
    "CoilCombinationMethod": "Sum of Squares",
    "ConsistencyInfo": "N4_VE12U_LATEST_20181126",
    "MatrixCoilMode": "GRAPPA",
    "MultibandAccelerationFactor": 5,
    "PercentPhaseFOV": 100,
    "PercentSampling": 100,
    "EchoTrainLength": 57,
    "PhaseEncodingSteps": 114,
    "AcquisitionMatrixPE": 130,
    "ReconMatrixPE": 130,
    "BandwidthPerPixelPhaseEncode": 24.814,
    "ParallelReductionFactorInPlane": 2,
    "EffectiveEchoSpacing": 0.000309999,
    "DerivedVendorReportedEchoSpacing": 0.000619997,
    "TotalReadoutTime": 0.0399898,
    "PixelBandwidth": 1925,
    "DwellTime": 2e-06,
    "PhaseEncodingDirection": "j",
    "SliceTiming": [
        0,
        0.53,
        0.0575,
        0.5875,
        0.1175,
        0.6475,
        0.175,
        0.705,
        0.235,
        0.765,
        0.295,
        0.8225,
        0.3525,
        0.8825,
        0.4125,
        0.94,
        0.47,
        0,
        0.53,
        0.0575,
        0.5875,
        0.1175,
        0.6475,
        0.175,
        0.705,
        0.235,
        0.765,
        0.295,
        0.8225,
        0.3525,
        0.8825,
        0.4125,
        0.94,
        0.47,
        0,
        0.53,
        0.0575,
        0.5875,
        0.1175,
        0.6475,
        0.175,
        0.705,
        0.235,
        0.765,
        0.295,
        0.8225,
        0.3525,
        0.8825,
        0.4125,
        0.94,
        0.47,
        0,
        0.53,
        0.0575,
        0.5875,
        0.1175,
        0.6475,
        0.175,
        0.705,
        0.235,
        0.765,
        0.295,
        0.8225,
        0.3525,
        0.8825,
        0.4125,
        0.94,
        0.47,
        0,
        0.53,
        0.0575,
        0.5875,
        0.1175,
        0.6475,
        0.175,
        0.705,
        0.235,
        0.765,
        0.295,
        0.8225,
        0.3525,
        0.8825,
        0.4125,
        0.94,
        0.47
    ],
    "ImageOrientationPatientDICOM": [
        1,
        0,
        0,
        0,
        0.887011,
        -0.461749
    ],
    "ImageOrientationText": "Tra>Cor(-27.5)",
    "InPlanePhaseEncodingDirectionDICOM": "COL",
    "BidsGuess": [
        "func",
        "_acq-epfid2p2m5_dir-PA_run-18_bold"
    ],
    "ConversionSoftware": "dcm2niix",
    "ConversionSoftwareVersion": "v1.0.20240202",
    "Dcm2bidsVersion": "3.1.1",
    "TaskName": "multitalker"
}