{
    "Modality": "MR",
    "MagneticFieldStrength": 7,
    "ImagingFrequency": 297.231551,
    "Manufacturer": "Siemens",
    "ManufacturersModelName": "Investigational_Device_7T",
    "InstitutionName": "Hospital",
    "InstitutionalDepartmentName": "Department",
    "InstitutionAddress": "Street StreetNo,City,District,CN,ZIP",
    "DeviceSerialNumber": "79115",
    "StationName": "AWP79115",
    "BodyPartExamined": "BRAIN",
    "PatientPosition": "HFS",
    "ProcedureStepDescription": "9th_Hospital^SONBOT",
    "SoftwareVersions": "syngo MR E12",
    "MRAcquisitionType": "2D",
    "SeriesDescription": "gre_field_mapping",
    "ProtocolName": "gre_field_mapping",
    "ScanningSequence": "GR",
    "SequenceVariant": "SP",
    "ScanOptions": "PFP",
    "SequenceName": "*fm2d2r",
    "ImageType": [
        "ORIGINAL",
        "PRIMARY",
        "M",
        "ND",
        "NORM"
    ],
    "NonlinearGradientCorrection": false,
    "SeriesNumber": 12,
    "AcquisitionTime": "11:05:55.240000",
    "AcquisitionNumber": 1,
    "SliceThickness": 1.6,
    "SpacingBetweenSlices": 1.6,
    "SAR": 0.107975,
    "EchoNumber": 2,
    "EchoTime": 0.0051,
    "RepetitionTime": 0.642,
    "FlipAngle": 32,
    "PartialFourier": 0.75,
    "BaseResolution": 130,
    "ShimSetting": [
        616,
        -3555,
        551,
        406,
        -157,
        331,
        603,
        -100
    ],
    "TxRefAmp": 218.271,
    "PhaseResolution": 1,
    "ReceiveCoilName": "1Tx32Rx_Head",
    "CoilString": "A32",
    "PulseSequenceDetails": "%SiemensSeq%\\gre_field_mapping",
    "CoilCombinationMethod": "Adaptive Combine",
    "ConsistencyInfo": "N4_VE12U_LATEST_20181126",
    "MatrixCoilMode": "SENSE",
    "PercentPhaseFOV": 100,
    "PercentSampling": 100,
    "PhaseEncodingSteps": 98,
    "AcquisitionMatrixPE": 130,
    "ReconMatrixPE": 130,
    "PixelBandwidth": 400,
    "DwellTime": 9.6e-06,
    "PhaseEncodingDirection": "j-",
    "SliceTiming": [
        0,
        0.32031,
        0.32812,
        0.01562,
        0.33594,
        0.02344,
        0.34375,
        0.03125,
        0.35156,
        0.03906,
        0.35938,
        0.03906,
        0.36719,
        0.04688,
        0.375,
        0.05469,
        0.38281,
        0.0625,
        0.39062,
        0.07031,
        0.39844,
        0.07812,
        0.40625,
        0.08594,
        0.41406,
        0.09375,
        0.42188,
        0.10156,
        0.42969,
        0.10938,
        0.4375,
        0.11719,
        0.44531,
        0.125,
        0.45312,
        0.13281,
        0.46094,
        0.14062,
        0.46875,
        0.14844,
        0.47656,
        0.15625,
        0.47656,
        0.16406,
        0.48438,
        0.17188,
        0.49219,
        0.17969,
        0.5,
        0.1875,
        0.50781,
        0.19531,
        0.51562,
        0.20312,
        0.52344,
        0.21094,
        0.53125,
        0.21875,
        0.53906,
        0.22656,
        0.54688,
        0.22656,
        0.55469,
        0.23438,
        0.5625,
        0.24219,
        0.57031,
        0.25,
        0.57812,
        0.25781,
        0.58594,
        0.26562,
        0.59375,
        0.27344,
        0.60156,
        0.28125,
        0.60938,
        0.28906,
        0.61719,
        0.29688,
        0.625,
        0.30469,
        0.63281,
        0.3125
    ],
    "ImageOrientationPatientDICOM": [
        0.999709,
        0.00407507,
        0.0237693,
        1.82496e-09,
        0.98562,
        -0.168977
    ],
    "ImageOrientationText": "Tra>Cor(-9.7)>Sag(1.4)",
    "InPlanePhaseEncodingDirectionDICOM": "COL",
    "BidsGuess": [
        "fmap",
        "_acq-fm2_magnitude2"
    ],
    "ConversionSoftware": "dcm2niix",
    "ConversionSoftwareVersion": "v1.0.20240202",
    "Dcm2bidsVersion": "3.1.1"
}