{
    "Modality": "MR",
    "MagneticFieldStrength": 7,
    "ImagingFrequency": 297.231419,
    "Manufacturer": "Siemens",
    "ManufacturersModelName": "Investigational_Device_7T",
    "InstitutionName": "Hospital",
    "InstitutionalDepartmentName": "Department",
    "InstitutionAddress": "Street StreetNo,City,District,CN,ZIP",
    "DeviceSerialNumber": "79115",
    "StationName": "AWP79115",
    "BodyPartExamined": "BRAIN",
    "PatientPosition": "HFS",
    "ProcedureStepDescription": "9th_Hospital^SONBOT",
    "SoftwareVersions": "syngo MR E12",
    "MRAcquisitionType": "2D",
    "SeriesDescription": "task_BOLD_MB_PA_Auto",
    "ProtocolName": "task_BOLD_MB_PA_Auto",
    "ScanningSequence": "EP",
    "SequenceVariant": "SK\\SS",
    "ScanOptions": "PFP\\FS",
    "SequenceName": "epfid2d1_130",
    "ImageType": [
        "ORIGINAL",
        "PRIMARY",
        "M",
        "MB",
        "ND",
        "NORM",
        "MOSAIC"
    ],
    "NonlinearGradientCorrection": false,
    "SeriesNumber": 14,
    "AcquisitionTime": "11:18:17.275000",
    "AcquisitionNumber": 1,
    "ImageComments": "Unaliased MB5/PE4",
    "SliceThickness": 1.6,
    "SpacingBetweenSlices": 1.6,
    "SAR": 0.14018,
    "EchoTime": 0.0222,
    "RepetitionTime": 1,
    "FlipAngle": 45,
    "PartialFourier": 0.875,
    "BaseResolution": 130,
    "ShimSetting": [
        515,
        -3583,
        690,
        444,
        2,
        -262,
        301,
        89
    ],
    "TxRefAmp": 215.754,
    "PhaseResolution": 1,
    "ReceiveCoilName": "1Tx32Rx_Head",
    "ReceiveCoilActiveElements": "A32",
    "PulseSequenceDetails": "%CustomerSeq%\\cmrr_mbep2d_bold",
    "WipMemBlock": "8aa047c1-c5dc-44d0-99d7-19103dc2a4cd||Sequence: R016 ve12u/SP01_R016a r/af3652dd; Apr  1 2021 14:05:17 by eja",
    "RefLinesPE": 24,
    "CoilCombinationMethod": "Sum of Squares",
    "ConsistencyInfo": "N4_VE12U_LATEST_20181126",
    "MatrixCoilMode": "GRAPPA",
    "MultibandAccelerationFactor": 5,
    "PercentPhaseFOV": 100,
    "PercentSampling": 100,
    "EchoTrainLength": 57,
    "PhaseEncodingSteps": 114,
    "AcquisitionMatrixPE": 130,
    "ReconMatrixPE": 130,
    "BandwidthPerPixelPhaseEncode": 24.814,
    "ParallelReductionFactorInPlane": 2,
    "EffectiveEchoSpacing": 0.000309999,
    "DerivedVendorReportedEchoSpacing": 0.000619997,
    "TotalReadoutTime": 0.0399898,
    "PixelBandwidth": 1925,
    "DwellTime": 2e-06,
    "PhaseEncodingDirection": "j",
    "SliceTiming": [
        0,
        0.5275,
        0.0575,
        0.5875,
        0.1175,
        0.6475,
        0.175,
        0.705,
        0.235,
        0.765,
        0.2925,
        0.8225,
        0.3525,
        0.8825,
        0.41,
        0.94,
        0.47,
        0,
        0.5275,
        0.0575,
        0.5875,
        0.1175,
        0.6475,
        0.175,
        0.705,
        0.235,
        0.765,
        0.2925,
        0.8225,
        0.3525,
        0.8825,
        0.41,
        0.94,
        0.47,
        0,
        0.5275,
        0.0575,
        0.5875,
        0.1175,
        0.6475,
        0.175,
        0.705,
        0.235,
        0.765,
        0.2925,
        0.8225,
        0.3525,
        0.8825,
        0.41,
        0.94,
        0.47,
        0,
        0.5275,
        0.0575,
        0.5875,
        0.1175,
        0.6475,
        0.175,
        0.705,
        0.235,
        0.765,
        0.2925,
        0.8225,
        0.3525,
        0.8825,
        0.41,
        0.94,
        0.47,
        0,
        0.5275,
        0.0575,
        0.5875,
        0.1175,
        0.6475,
        0.175,
        0.705,
        0.235,
        0.765,
        0.2925,
        0.8225,
        0.3525,
        0.8825,
        0.41,
        0.94,
        0.47
    ],
    "ImageOrientationPatientDICOM": [
        0.999642,
        -0.0038248,
        -0.0264837,
        2.52368e-08,
        0.989732,
        -0.142937
    ],
    "ImageOrientationText": "Tra>Cor(-8.2)>Sag(-1.5)",
    "InPlanePhaseEncodingDirectionDICOM": "COL",
    "BidsGuess": [
        "func",
        "_acq-epfid2p2m5_dir-PA_run-14_bold"
    ],
    "ConversionSoftware": "dcm2niix",
    "ConversionSoftwareVersion": "v1.0.20240202",
    "Dcm2bidsVersion": "3.1.1",
    "TaskName": "multitalker"
}