{
    "Modality": "MR",
    "MagneticFieldStrength": 7,
    "ImagingFrequency": 297.231421,
    "Manufacturer": "Siemens",
    "ManufacturersModelName": "Investigational_Device_7T",
    "InstitutionName": "Hospital",
    "InstitutionalDepartmentName": "Department",
    "InstitutionAddress": "Street StreetNo,City,District,CN,ZIP",
    "DeviceSerialNumber": "79115",
    "StationName": "AWP79115",
    "BodyPartExamined": "BRAIN",
    "PatientPosition": "HFS",
    "ProcedureStepDescription": "9th_Hospital^SONBOT",
    "SoftwareVersions": "syngo MR E12",
    "MRAcquisitionType": "3D",
    "SeriesDescription": "t1_mp2rage_sag_0.7mm_UNI_Images",
    "ProtocolName": "t1_mp2rage_sag_0.7mm",
    "ScanningSequence": "GR\\IR",
    "SequenceVariant": "SK\\SP\\MP\\OSP",
    "ScanOptions": "IR\\PFP\\WE",
    "SequenceName": "*tfl3d1_16ns",
    "ImageType": [
        "DERIVED",
        "PRIMARY",
        "M",
        "ND",
        "UNI"
    ],
    "NonlinearGradientCorrection": false,
    "RawImage": false,
    "SeriesNumber": 4,
    "AcquisitionTime": "14:35:4.942500",
    "AcquisitionNumber": 1,
    "SliceThickness": 0.7,
    "SAR": 0.159942,
    "EchoTime": 0.00232,
    "RepetitionTime": 3.8,
    "SpoilingState": true,
    "PartialFourier": 0.75,
    "BaseResolution": 296,
    "ShimSetting": [
        589,
        -3574,
        546,
        143,
        9,
        -450,
        61,
        -152
    ],
    "TxRefAmp": 239.657,
    "PhaseResolution": 1,
    "PhaseOversampling": 0.18,
    "ReceiveCoilName": "1Tx32Rx_Head",
    "ReceiveCoilActiveElements": "A32",
    "PulseSequenceDetails": "%SiemensSeq%\\tfl",
    "RefLinesPE": 36,
    "CoilCombinationMethod": "Sum of Squares",
    "ConsistencyInfo": "N4_VE12U_LATEST_20181126",
    "MatrixCoilMode": "GRAPPA",
    "PercentPhaseFOV": 100,
    "PercentSampling": 100,
    "PhaseEncodingSteps": 263,
    "AcquisitionMatrixPE": 296,
    "ReconMatrixPE": 296,
    "ParallelReductionFactorInPlane": 3,
    "PixelBandwidth": 200,
    "DwellTime": 8.5e-06,
    "ImageOrientationPatientDICOM": [
        0,
        1,
        0,
        0,
        0,
        -1
    ],
    "ImageOrientationText": "Sag",
    "InPlanePhaseEncodingDirectionDICOM": "ROW",
    "BidsGuess": [
        "anat",
        "_acq-tfl3p3_run-4_UNIT1"
    ],
    "ConversionSoftware": "dcm2niix",
    "ConversionSoftwareVersion": "v1.0.20240202",
    "Dcm2bidsVersion": "3.1.1"
}