{
    "Modality": "MR",
    "MagneticFieldStrength": 7,
    "ImagingFrequency": 297.231289,
    "Manufacturer": "Siemens",
    "ManufacturersModelName": "Investigational_Device_7T",
    "InstitutionName": "Hospital",
    "InstitutionalDepartmentName": "Department",
    "InstitutionAddress": "Street StreetNo,City,District,CN,ZIP",
    "DeviceSerialNumber": "79115",
    "StationName": "AWP79115",
    "BodyPartExamined": "BRAIN",
    "PatientPosition": "HFS",
    "ProcedureStepDescription": "9th_Hospital^SONBOT",
    "SoftwareVersions": "syngo MR E12",
    "MRAcquisitionType": "2D",
    "SeriesDescription": "gre_field_mapping",
    "ProtocolName": "gre_field_mapping",
    "ScanningSequence": "GR",
    "SequenceVariant": "SP",
    "ScanOptions": "PFP",
    "SequenceName": "*fm2d2r",
    "ImageType": [
        "ORIGINAL",
        "PRIMARY",
        "M",
        "ND",
        "NORM"
    ],
    "NonlinearGradientCorrection": false,
    "SeriesNumber": 5,
    "AcquisitionTime": "14:52:19.820000",
    "AcquisitionNumber": 1,
    "SliceThickness": 1.6,
    "SpacingBetweenSlices": 1.6,
    "SAR": 0.141475,
    "EchoNumber": 2,
    "EchoTime": 0.0051,
    "RepetitionTime": 0.642,
    "FlipAngle": 32,
    "PartialFourier": 0.75,
    "BaseResolution": 130,
    "ShimSetting": [
        652,
        -3615,
        725,
        798,
        286,
        28,
        623,
        -19
    ],
    "TxRefAmp": 219.631,
    "PhaseResolution": 1,
    "ReceiveCoilName": "1Tx32Rx_Head",
    "CoilString": "A32",
    "PulseSequenceDetails": "%SiemensSeq%\\gre_field_mapping",
    "CoilCombinationMethod": "Adaptive Combine",
    "ConsistencyInfo": "N4_VE12U_LATEST_20181126",
    "MatrixCoilMode": "SENSE",
    "PercentPhaseFOV": 100,
    "PercentSampling": 100,
    "PhaseEncodingSteps": 98,
    "AcquisitionMatrixPE": 130,
    "ReconMatrixPE": 130,
    "PixelBandwidth": 400,
    "DwellTime": 9.6e-06,
    "PhaseEncodingDirection": "j-",
    "SliceTiming": [
        0,
        0.32812,
        0.01562,
        0.34375,
        0.01562,
        0.34375,
        0.03125,
        0.35938,
        0.03125,
        0.35938,
        0.04688,
        0.375,
        0.04688,
        0.375,
        0.0625,
        0.39062,
        0.0625,
        0.39062,
        0.07812,
        0.40625,
        0.07812,
        0.40625,
        0.09375,
        0.42188,
        0.09375,
        0.42188,
        0.10938,
        0.4375,
        0.10938,
        0.4375,
        0.125,
        0.4375,
        0.125,
        0.45312,
        0.14062,
        0.45312,
        0.14062,
        0.46875,
        0.15625,
        0.46875,
        0.15625,
        0.48438,
        0.17188,
        0.48438,
        0.17188,
        0.5,
        0.1875,
        0.5,
        0.1875,
        0.51562,
        0.1875,
        0.51562,
        0.20312,
        0.53125,
        0.20312,
        0.53125,
        0.21875,
        0.54688,
        0.21875,
        0.54688,
        0.23438,
        0.5625,
        0.23438,
        0.5625,
        0.25,
        0.57812,
        0.25,
        0.57812,
        0.26562,
        0.59375,
        0.26562,
        0.59375,
        0.28125,
        0.60938,
        0.28125,
        0.60938,
        0.29688,
        0.625,
        0.29688,
        0.625,
        0.3125,
        0.625,
        0.3125,
        0.64062,
        0.32812
    ],
    "ImageOrientationPatientDICOM": [
        1,
        0,
        0,
        0,
        0.967709,
        -0.252069
    ],
    "ImageOrientationText": "Tra>Cor(-14.6)",
    "InPlanePhaseEncodingDirectionDICOM": "COL",
    "BidsGuess": [
        "fmap",
        "_acq-fm2_magnitude2"
    ],
    "ConversionSoftware": "dcm2niix",
    "ConversionSoftwareVersion": "v1.0.20240202",
    "Dcm2bidsVersion": "3.1.1"
}