{
    "Modality": "MR",
    "MagneticFieldStrength": 7,
    "ImagingFrequency": 297.231367,
    "Manufacturer": "Siemens",
    "ManufacturersModelName": "Investigational_Device_7T",
    "InstitutionName": "Hospital",
    "InstitutionalDepartmentName": "Department",
    "InstitutionAddress": "Street StreetNo,City,District,CN,ZIP",
    "DeviceSerialNumber": "79115",
    "StationName": "AWP79115",
    "BodyPartExamined": "BRAIN",
    "PatientPosition": "HFS",
    "ProcedureStepDescription": "9th_Hospital^SONBOT",
    "SoftwareVersions": "syngo MR E12",
    "MRAcquisitionType": "2D",
    "SeriesDescription": "gre_field_mapping",
    "ProtocolName": "gre_field_mapping",
    "ScanningSequence": "GR",
    "SequenceVariant": "SP",
    "ScanOptions": "PFP",
    "SequenceName": "*fm2d2r",
    "ImageType": [
        "ORIGINAL",
        "PRIMARY",
        "M",
        "ND",
        "NORM"
    ],
    "NonlinearGradientCorrection": false,
    "SeriesNumber": 5,
    "AcquisitionTime": "10:02:16.720000",
    "AcquisitionNumber": 1,
    "SliceThickness": 1.6,
    "SpacingBetweenSlices": 1.6,
    "SAR": 0.110664,
    "EchoNumber": 1,
    "EchoTime": 0.00408,
    "RepetitionTime": 0.642,
    "FlipAngle": 32,
    "PartialFourier": 0.75,
    "BaseResolution": 130,
    "ShimSetting": [
        631,
        -3611,
        549,
        736,
        199,
        -439,
        311,
        13
    ],
    "TxRefAmp": 213.875,
    "PhaseResolution": 1,
    "ReceiveCoilName": "1Tx32Rx_Head",
    "CoilString": "A32",
    "PulseSequenceDetails": "%SiemensSeq%\\gre_field_mapping",
    "CoilCombinationMethod": "Adaptive Combine",
    "ConsistencyInfo": "N4_VE12U_LATEST_20181126",
    "MatrixCoilMode": "SENSE",
    "PercentPhaseFOV": 100,
    "PercentSampling": 100,
    "PhaseEncodingSteps": 98,
    "AcquisitionMatrixPE": 130,
    "ReconMatrixPE": 130,
    "PixelBandwidth": 400,
    "DwellTime": 9.6e-06,
    "PhaseEncodingDirection": "j-",
    "SliceTiming": [
        0,
        0.32812,
        0.00781,
        0.33594,
        0.01562,
        0.34375,
        0.02344,
        0.35156,
        0.03125,
        0.35938,
        0.03906,
        0.36719,
        0.04688,
        0.375,
        0.05469,
        0.375,
        0.0625,
        0.38281,
        0.07031,
        0.39062,
        0.07812,
        0.39844,
        0.08594,
        0.40625,
        0.09375,
        0.41406,
        0.10156,
        0.42188,
        0.10938,
        0.42969,
        0.11719,
        0.4375,
        0.125,
        0.44531,
        0.125,
        0.45312,
        0.13281,
        0.46094,
        0.14062,
        0.46875,
        0.14844,
        0.47656,
        0.15625,
        0.48438,
        0.16406,
        0.49219,
        0.17188,
        0.5,
        0.17969,
        0.50781,
        0.1875,
        0.51562,
        0.19531,
        0.52344,
        0.20312,
        0.53125,
        0.21094,
        0.53906,
        0.21875,
        0.54688,
        0.22656,
        0.55469,
        0.23438,
        0.5625,
        0.24219,
        0.5625,
        0.25,
        0.57031,
        0.25781,
        0.57812,
        0.26562,
        0.58594,
        0.27344,
        0.60156,
        0.28125,
        0.60938,
        0.28906,
        0.61719,
        0.29688,
        0.625,
        0.30469,
        0.625,
        0.3125,
        0.63281,
        0.32031
    ],
    "ImageOrientationPatientDICOM": [
        0.999998,
        0.00045967,
        0.00180294,
        -3.41559e-09,
        0.969002,
        -0.247052
    ],
    "ImageOrientationText": "Tra>Cor(-14.3)>Sag(0.1)",
    "InPlanePhaseEncodingDirectionDICOM": "COL",
    "BidsGuess": [
        "fmap",
        "_acq-fm2_magnitude1"
    ],
    "ConversionSoftware": "dcm2niix",
    "ConversionSoftwareVersion": "v1.0.20240202",
    "Dcm2bidsVersion": "3.1.1"
}