{
    "TaskName": "multitalker",
    "InstitutionName": "Shanghai Ninth People’s Hospital",
    "InstitutionalDepartmentName": "Department of Otolaryngology",
    "Manufacturer": "Brain Products",
    "ManufacturersModelName": "BrainAmp",
    "EEGReference": "Cz",
    "SamplingFrequency": 500,
    "PowerLineFrequency": 50,
    "RecordingType": "continuous",
    "EEGChannelCount": 64,
    "EOGChannelCount": 0,
    "ECGChannelCount": 0,
    "EEGGround": "AFz",
    "EEGCapModel": "M10",
    "EEGPlacementScheme": "10-20",
    "EEGCoordinateSystem": "CTF",
    "EEGCoordinateUnits": "mm",
    "Description": "EEG data collected during a multitalker experiment with 64 channels",
    "EEGDataFile": "sub-03_task-multitalker_eeg.eeg",
    "EEGMarkerFile": "sub-03_task-multitalker_eeg.vmrk",
    "EEGDataFormat": "BINARY",
    "DataOrientation": "MULTIPLEXED",
    "BinaryFormat": "INT_16",
    "SamplingInterval": 2.0,
    "EEGChannelLabels": [
        "AF3",
        "F2",
        "AF7",
        "Iz",
        "AFz",
        "C5",
        "FC4",
        "C3",
        "C4",
        "TP7",
        "C2",
        "CP1",
        "CP2",
        "P1",
        "TP8",
        "CP5",
        "CP6",
        "CP4",
        "F1",
        "AF4",
        "F3",
        "F4",
        "F5",
        "AF8",
        "F7",
        "F8",
        "Fz",
        "FC1",
        "FC2",
        "FC3",
        "FT8",
        "FC5",
        "FC6",
        "C1",
        "Fp1",
        "Fp2",
        "FT10",
        "FT7",
        "F6",
        "FT9",
        "O1",
        "O2",
        "Oz",
        "P5",
        "CPz",
        "P3",
        "P4",
        "PO7",
        "P2",
        "P7",
        "P8",
        "Pz",
        "POz",
        "PO8",
        "PO3",
        "P6",
        "PO4",
        "T7",
        "T8",
        "TP10",
        "CP3",
        "C6",
        "TP9",
        "Cz"
    ],
    "SoftwareFilters": {
        "HighPass": {
            "CutoffFrequency": 0.02,
            "FilterType": "Butterworth"
        },
        "LowPass": {
            "CutoffFrequency": 1000.0,
            "FilterType": "Butterworth"
        }
    }
}